GEM
  remote: http://rubygems.org/
  specs:
    bridge (0.1.4)
    compass (0.10.6)
      haml (>= 3.0.4)
    haml (3.0.25)
    rack (1.2.1)
    sinatra (1.2.0)
      rack (~> 1.1)
      tilt (< 2.0, >= 1.2.2)
    tilt (1.2.2)

PLATFORMS
  ruby

DEPENDENCIES
  bridge (>= 0.0.23)
  compass
  haml
  sinatra (>= 1.0)
